NUGET
  remote: https://www.nuget.org/api/v2
    FSharp.Core (4.0.0.1) - redirects: force
GITHUB
  remote: fsharp/FSharp.Data
    src/CommonProviderImplementation/AssemblyResolver.fs (89d1902db65fec669375069db1c8987e88e16b54)
    src/CommonProviderImplementation/ConversionsGenerator.fs (89d1902db65fec669375069db1c8987e88e16b54)
    src/CommonProviderImplementation/Helpers.fs (89d1902db65fec669375069db1c8987e88e16b54)
    src/CommonProviderImplementation/QuotationBuilder.fs (89d1902db65fec669375069db1c8987e88e16b54)
    src/CommonRuntime/Caching.fs (89d1902db65fec669375069db1c8987e88e16b54)
    src/CommonRuntime/IO.fs (89d1902db65fec669375069db1c8987e88e16b54)
    src/CommonRuntime/NameUtils.fs (89d1902db65fec669375069db1c8987e88e16b54)
    src/CommonRuntime/Pluralizer.fs (89d1902db65fec669375069db1c8987e88e16b54)
    src/CommonRuntime/StructuralInference.fs (89d1902db65fec669375069db1c8987e88e16b54)
    src/CommonRuntime/StructuralTypes.fs (89d1902db65fec669375069db1c8987e88e16b54)
    src/CommonRuntime/TextConversions.fs (89d1902db65fec669375069db1c8987e88e16b54)
    src/CommonRuntime/TextRuntime.fs (89d1902db65fec669375069db1c8987e88e16b54)
    src/Json/JsonConversions.fs (89d1902db65fec669375069db1c8987e88e16b54)
    src/Json/JsonConversionsGenerator.fs (89d1902db65fec669375069db1c8987e88e16b54)
    src/Json/JsonExtensions.fs (89d1902db65fec669375069db1c8987e88e16b54)
    src/Json/JsonGenerator.fs (89d1902db65fec669375069db1c8987e88e16b54)
    src/Json/JsonInference.fs (89d1902db65fec669375069db1c8987e88e16b54)
    src/Json/JsonRuntime.fs (89d1902db65fec669375069db1c8987e88e16b54)
    src/Json/JsonValue.fs (89d1902db65fec669375069db1c8987e88e16b54)
    src/Net/Http.fs (89d1902db65fec669375069db1c8987e88e16b54)
    src/Net/UriUtils.fs (89d1902db65fec669375069db1c8987e88e16b54)
    src/Xml/XmlGenerator.fs (89d1902db65fec669375069db1c8987e88e16b54)
    src/Xml/XmlInference.fs (89d1902db65fec669375069db1c8987e88e16b54)
    src/Xml/XmlRuntime.fs (89d1902db65fec669375069db1c8987e88e16b54)
  remote: fsprojects/FSharp.TypeProviders.StarterPack
    src/AssemblyReader.fs (dbbfb58d1238bf21c84c455451501c7f31ae95e1)
    src/AssemblyReaderReflection.fs (dbbfb58d1238bf21c84c455451501c7f31ae95e1)
    src/ProvidedTypes.fs (dbbfb58d1238bf21c84c455451501c7f31ae95e1)
    src/ProvidedTypes.fsi (dbbfb58d1238bf21c84c455451501c7f31ae95e1)
    src/ProvidedTypesContext.fs (dbbfb58d1238bf21c84c455451501c7f31ae95e1)
    src/ProvidedTypesTesting.fs (dbbfb58d1238bf21c84c455451501c7f31ae95e1)
GROUP Build
NUGET
  remote: https://www.nuget.org/api/v2
    FAKE (4.40)
    FSharp.Compiler.Service (2.0.0.6)
    FSharp.Formatting (2.14.4)
      FSharp.Compiler.Service (2.0.0.6)
      FSharpVSPowerTools.Core (>= 2.3 < 2.4)
    FSharpVSPowerTools.Core (2.3)
      FSharp.Compiler.Service (>= 2.0.0.3)
    Microsoft.Bcl (1.1.10) - framework: net10, net11, net20, net30, net35, net40, net40-full
      Microsoft.Bcl.Build (>= 1.0.14)
    Microsoft.Bcl.Build (1.0.21) - import_targets: false, framework: net10, net11, net20, net30, net35, net40, net40-full
    Microsoft.Net.Http (2.2.29) - framework: net10, net11, net20, net30, net35, net40, net40-full
      Microsoft.Bcl (>= 1.1.10)
      Microsoft.Bcl.Build (>= 1.0.14)
    Octokit (0.22)
      Microsoft.Net.Http  - framework: net10, net11, net20, net30, net35, net40, net40-full
    SourceLink.Fake (1.1)
GITHUB
  remote: fsharp/FAKE
    modules/Octokit/Octokit.fsx (dab7b5aea40c0855cf35fc7d6e67fa4f411fb24b)
      Octokit (>= 0.20)
GROUP Test
NUGET
  remote: https://www.nuget.org/api/v2
    FSharp.Core (4.0.0.1)
    FsUnit (1.4.1)
      FSharp.Core (>= 3.1.2.5)
      NUnit (2.6.4)
    NUnit (2.6.4)
    NUnit.Runners (2.6.4)
