NUGET
  remote: https://www.nuget.org/api/v2
    FSharp.Core (4.0.0.1) - redirects: force
GITHUB
  remote: fsharp/FSharp.Data
    src/CommonProviderImplementation/AssemblyResolver.fs (538137111c848572c4cc485bd971414718bfd2d3)
    src/CommonProviderImplementation/ConversionsGenerator.fs (538137111c848572c4cc485bd971414718bfd2d3)
    src/CommonProviderImplementation/Helpers.fs (538137111c848572c4cc485bd971414718bfd2d3)
    src/CommonProviderImplementation/QuotationBuilder.fs (538137111c848572c4cc485bd971414718bfd2d3)
    src/CommonRuntime/Caching.fs (538137111c848572c4cc485bd971414718bfd2d3)
    src/CommonRuntime/IO.fs (538137111c848572c4cc485bd971414718bfd2d3)
    src/CommonRuntime/NameUtils.fs (538137111c848572c4cc485bd971414718bfd2d3)
    src/CommonRuntime/Pluralizer.fs (538137111c848572c4cc485bd971414718bfd2d3)
    src/CommonRuntime/StructuralInference.fs (538137111c848572c4cc485bd971414718bfd2d3)
    src/CommonRuntime/StructuralTypes.fs (538137111c848572c4cc485bd971414718bfd2d3)
    src/CommonRuntime/TextConversions.fs (538137111c848572c4cc485bd971414718bfd2d3)
    src/CommonRuntime/TextRuntime.fs (538137111c848572c4cc485bd971414718bfd2d3)
    src/Json/JsonConversions.fs (538137111c848572c4cc485bd971414718bfd2d3)
    src/Json/JsonConversionsGenerator.fs (538137111c848572c4cc485bd971414718bfd2d3)
    src/Json/JsonExtensions.fs (538137111c848572c4cc485bd971414718bfd2d3)
    src/Json/JsonGenerator.fs (538137111c848572c4cc485bd971414718bfd2d3)
    src/Json/JsonInference.fs (538137111c848572c4cc485bd971414718bfd2d3)
    src/Json/JsonRuntime.fs (538137111c848572c4cc485bd971414718bfd2d3)
    src/Json/JsonValue.fs (538137111c848572c4cc485bd971414718bfd2d3)
    src/Net/Http.fs (538137111c848572c4cc485bd971414718bfd2d3)
    src/Net/UriUtils.fs (538137111c848572c4cc485bd971414718bfd2d3)
    src/Xml/XmlGenerator.fs (538137111c848572c4cc485bd971414718bfd2d3)
    src/Xml/XmlInference.fs (538137111c848572c4cc485bd971414718bfd2d3)
    src/Xml/XmlRuntime.fs (538137111c848572c4cc485bd971414718bfd2d3)
  remote: fsprojects/FSharp.TypeProviders.StarterPack
    src/AssemblyReader.fs (8f647a4cde71bdeda10e7f5b534ec3c879601570)
    src/AssemblyReaderReflection.fs (8f647a4cde71bdeda10e7f5b534ec3c879601570)
    src/ProvidedTypes.fs (8f647a4cde71bdeda10e7f5b534ec3c879601570)
    src/ProvidedTypes.fsi (8f647a4cde71bdeda10e7f5b534ec3c879601570)
    src/ProvidedTypesContext.fs (8f647a4cde71bdeda10e7f5b534ec3c879601570)
    src/ProvidedTypesTesting.fs (8f647a4cde71bdeda10e7f5b534ec3c879601570)
GROUP Build
NUGET
  remote: https://www.nuget.org/api/v2
    FAKE (4.39)
    FSharp.Compiler.Service (2.0.0.6)
    FSharp.Formatting (2.14.4)
      FSharp.Compiler.Service (2.0.0.6)
      FSharpVSPowerTools.Core (>= 2.3 < 2.4)
    FSharpVSPowerTools.Core (2.3)
      FSharp.Compiler.Service (>= 2.0.0.3)
    Microsoft.Bcl (1.1.10) - framework: net10, net11, net20, net30, net35, net40, net40-full
      Microsoft.Bcl.Build (>= 1.0.14)
    Microsoft.Bcl.Build (1.0.21) - import_targets: false, framework: net10, net11, net20, net30, net35, net40, net40-full
    Microsoft.Net.Http (2.2.29) - framework: net10, net11, net20, net30, net35, net40, net40-full
      Microsoft.Bcl (>= 1.1.10)
      Microsoft.Bcl.Build (>= 1.0.14)
    Octokit (0.21.1)
      Microsoft.Net.Http  - framework: net10, net11, net20, net30, net35, net40, net40-full
    SourceLink.Fake (1.1)
GITHUB
  remote: fsharp/FAKE
    modules/Octokit/Octokit.fsx (e5870cb85f9b500246e02c6daa94e5131dad7a6e)
      Octokit (>= 0.20)
GROUP Test
NUGET
  remote: https://www.nuget.org/api/v2
    FSharp.Core (4.0.0.1)
    FsUnit (1.4.1)
      FSharp.Core (>= 3.1.2.5)
      NUnit (2.6.4)
    NUnit (2.6.4)
    NUnit.Runners (2.6.4)
